PATH
  remote: /Users/litch/code/obsidian/attribute
  specs:
    attribute (0.0.0)

PATH
  remote: /Users/litch/code/obsidian/clock
  specs:
    clock (0.0.0)

PATH
  remote: /Users/litch/code/obsidian/dependency
  specs:
    dependency (0.0.0)
      attribute
      naught (= 1.0.0)
      null_attr

PATH
  remote: /Users/litch/code/obsidian/logger
  specs:
    logger (0.0.0)

PATH
  remote: /Users/litch/code/obsidian/null-attr
  specs:
    null_attr (0.0.0)
      naught (= 1.0.0)

PATH
  remote: /Users/litch/code/obsidian/settings
  specs:
    settings (0.0.0)
      confstruct (= 0.2.7)

PATH
  remote: /Users/litch/code/obsidian/uuid
  specs:
    uuid (0.0.0)

GEM
  remote: https://rubygems.org/
  specs:
    confstruct (0.2.7)
    diff-lcs (1.2.5)
    naught (1.0.0)
    rspec (3.2.0)
      rspec-core (~> 3.2.0)
      rspec-expectations (~> 3.2.0)
      rspec-mocks (~> 3.2.0)
    rspec-core (3.2.1)
      rspec-support (~> 3.2.0)
    rspec-expectations (3.2.0)
      diff-lcs (>= 1.2.0, < 2.0)
      rspec-support (~> 3.2.0)
    rspec-mocks (3.2.1)
      diff-lcs (>= 1.2.0, < 2.0)
      rspec-support (~> 3.2.0)
    rspec-support (3.2.2)

PLATFORMS
  java

DEPENDENCIES
  attribute!
  clock!
  dependency!
  logger!
  naught (= 1.0.0)
  null_attr!
  rspec (~> 3.2.0)
  settings!
  uuid!
